GEM
  remote: http://rubygems.org/
  specs:
    addressable (2.2.2)
    daemons (1.1.0)
    em-websocket (0.2.0)
      addressable (>= 2.1.1)
      eventmachine (>= 0.12.9)
    eventmachine (0.12.10)
    git (1.2.5)
    haml (2.2.24)
    hpricot (0.8.3)
    jeweler (1.5.1)
      bundler (~> 1.0.0)
      git (>= 1.2.5)
      rake
    rack (1.2.1)
    rake (0.8.7)
    rcov (0.9.9)
    shoulda (2.11.3)
    sinatra (1.1.0)
      rack (~> 1.1)
      tilt (~> 1.1)
    thin (1.2.7)
      daemons (>= 1.0.9)
      eventmachine (>= 0.12.6)
      rack (>= 1.0.0)
    tilt (1.1)
    yajl-ruby (0.7.8)

PLATFORMS
  ruby

DEPENDENCIES
  bundler (~> 1.0.0)
  em-websocket (~> 0.2.0)
  eventmachine (~> 0.12.10)
  haml (~> 2.2.0)
  hpricot
  jeweler (~> 1.5.1)
  rcov
  shoulda
  sinatra (~> 1.1.0)
  thin (~> 1.2.0)
  yajl-ruby (~> 0.7.8)
